GEM
  remote: http://rubygems.org/
  specs:
    net-ssh (2.3.0)

PLATFORMS
  ruby

DEPENDENCIES
  net-ssh
